PATH
  remote: .
  specs:
    firebase-auth-id_token (0.1.0)
      jwt (~> 2.2.0)

GEM
  remote: https://rubygems.org/
  specs:
    diff-lcs (1.3)
    jwt (2.2.1)
    rake (12.3.1)
    rspec (3.8.0)
      rspec-core (~> 3.8.0)
      rspec-expectations (~> 3.8.0)
      rspec-mocks (~> 3.8.0)
    rspec-core (3.8.2)
      rspec-support (~> 3.8.0)
    rspec-expectations (3.8.4)
      diff-lcs (>= 1.2.0, < 2.0)
      rspec-support (~> 3.8.0)
    rspec-mocks (3.8.1)
      diff-lcs (>= 1.2.0, < 2.0)
      rspec-support (~> 3.8.0)
    rspec-support (3.8.2)

PLATFORMS
  ruby

DEPENDENCIES
  firebase-auth-id_token!
  rake (~> 12.0)
  rspec (~> 3.0)

BUNDLED WITH
   2.1.4
